PATH
  remote: .
  specs:
    web (0.1.0)
      puma (>= 5.0)
      roda (>= 3.37)
      tilt (>= 2.0)

GEM
  remote: https://rubygems.org/
  specs:
    byebug (11.1.3)
    coderay (1.1.3)
    method_source (1.0.0)
    nio4r (2.5.4)
    pry (0.13.1)
      coderay (~> 1.1)
      method_source (~> 1.0)
    pry-byebug (3.9.0)
      byebug (~> 11.0)
      pry (~> 0.13.0)
    puma (5.0.4)
      nio4r (~> 2.0)
    rack (2.2.3)
    rake (13.0.1)
    roda (3.37.0)
      rack
    test_bench (1.2.0.5)
      test_bench-fixture (>= 1.0.0.0)
    test_bench-fixture (1.3.1.1)
    tilt (2.0.10)

PLATFORMS
  ruby

DEPENDENCIES
  pry-byebug
  rake (>= 12)
  test_bench (>= 1.2)
  web!

BUNDLED WITH
   2.1.4
